GEM
  remote: https://rubygems.org/
  specs:
    addressable (2.5.0)
      public_suffix (~> 2.0, >= 2.0.2)
    airbrussh (1.1.2)
      sshkit (>= 1.6.1, != 1.7.0)
    ast (2.3.0)
    bcp47 (0.3.3)
      i18n
    builder (3.2.3)
    bundler-audit (0.5.0)
      bundler (~> 1.2)
      thor (~> 0.18)
    byebug (9.0.6)
    capistrano (3.8.0)
      airbrussh (>= 1.0.0)
      i18n
      rake (>= 10.0.0)
      sshkit (>= 1.9.0)
    capistrano-bundle_audit (0.2.1)
      bundler-audit (~> 0.5)
      capistrano (~> 3.0)
    capistrano-bundler (1.2.0)
      capistrano (~> 3.1)
      sshkit (~> 1.2)
    capistrano-one_time_key (0.0.1)
      capistrano (~> 3.0)
    capistrano-releaseboard (0.0.1)
      faraday
    capistrano-shared_configs (0.1.2)
    coderay (1.1.1)
    concurrent-ruby (1.0.5)
    coveralls (0.8.19)
      json (>= 1.8, < 3)
      simplecov (~> 0.12.0)
      term-ansicolor (~> 1.3)
      thor (~> 0.19.1)
      tins (~> 1.6)
    diff-lcs (1.3)
    dlss-capistrano (3.4.0)
      capistrano (~> 3.0)
      capistrano-bundle_audit (>= 0.1.0)
      capistrano-one_time_key
      capistrano-releaseboard
      capistrano-shared_configs
    docile (1.1.5)
    ebnf (1.1.0)
      rdf (~> 2.0)
      sxp (~> 1.0)
    equivalent-xml (0.6.0)
      nokogiri (>= 1.4.3)
    faraday (0.11.0)
      multipart-post (>= 1.2, < 3)
    haml (4.0.7)
      tilt
    hamster (3.0.0)
      concurrent-ruby (~> 1.0)
    htmlentities (4.3.4)
    i18n (0.8.1)
    json (2.0.3)
    json-ld (2.1.2)
      multi_json (~> 1.12)
      rdf (~> 2.1)
    ld-patch (0.3.1)
      ebnf (~> 1.0, >= 1.0.1)
      rdf (~> 2.0)
      rdf-xsd (~> 2.0)
      sparql (~> 2.0)
      sxp (~> 1.0)
    link_header (0.0.8)
    linkeddata (2.2.0)
      equivalent-xml (~> 0.6)
      json-ld (~> 2.1)
      ld-patch (~> 0.3)
      nokogiri (~> 1.7)
      rdf (~> 2.2)
      rdf-aggregate-repo (~> 2.1)
      rdf-isomorphic (~> 2.0)
      rdf-json (~> 2.0)
      rdf-microdata (~> 2.1)
      rdf-n3 (~> 2.1)
      rdf-rdfa (~> 2.1)
      rdf-rdfxml (~> 2.0)
      rdf-reasoner (~> 0.4)
      rdf-tabular (~> 2.2)
      rdf-trig (~> 2.0)
      rdf-trix (~> 2.0)
      rdf-turtle (~> 2.2)
      rdf-vocab (~> 2.1)
      rdf-xsd (~> 2.1)
      sparql (~> 2.1)
      sparql-client (~> 2.1)
    method_source (0.8.2)
    mini_portile2 (2.1.0)
    multi_json (1.12.1)
    multipart-post (2.0.0)
    net-http-persistent (2.9.4)
    net-scp (1.2.1)
      net-ssh (>= 2.6.5)
    net-ssh (4.1.0)
    nokogiri (1.7.1)
      mini_portile2 (~> 2.1.0)
    parser (2.4.0.0)
      ast (~> 2.2)
    powerpack (0.1.1)
    pry (0.10.4)
      coderay (~> 1.1.0)
      method_source (~> 0.8.1)
      slop (~> 3.4)
    pry-byebug (3.4.2)
      byebug (~> 9.0)
      pry (~> 0.10)
    public_suffix (2.0.5)
    rainbow (2.2.1)
    rake (12.0.0)
    rdf (2.2.5)
      hamster (~> 3.0)
      link_header (~> 0.0, >= 0.0.8)
    rdf-aggregate-repo (2.1.0)
      rdf (~> 2.0)
    rdf-isomorphic (2.0.0)
      rdf (~> 2.0)
    rdf-json (2.0.0)
      rdf (~> 2.0)
    rdf-microdata (2.1.0)
      htmlentities (~> 4.3)
      nokogiri (~> 1.6)
      rdf (~> 2.0)
      rdf-xsd (~> 2.0)
    rdf-n3 (2.1.0)
      rdf (~> 2.0)
    rdf-rdfa (2.1.1)
      haml (~> 4.0)
      htmlentities (~> 4.3)
      rdf (~> 2.0)
      rdf-aggregate-repo (~> 2.0)
      rdf-xsd (~> 2.0)
    rdf-rdfxml (2.0.0)
      htmlentities (~> 4.3)
      rdf (~> 2.0)
      rdf-rdfa (~> 2.0)
      rdf-xsd (~> 2.0)
    rdf-reasoner (0.4.1)
      rdf (~> 2.1, >= 2.1.1)
      rdf-vocab (~> 2.0)
      rdf-xsd (~> 2.0)
    rdf-tabular (2.2.0)
      addressable (~> 2.3)
      bcp47 (~> 0.3, >= 0.3.3)
      json-ld (~> 2.0)
      rdf (~> 2.1)
      rdf-vocab (~> 2.0)
      rdf-xsd (~> 2.0)
    rdf-trig (2.0.0)
      ebnf (~> 1.0, >= 1.0.1)
      rdf (~> 2.0)
      rdf-turtle (~> 2.0)
    rdf-trix (2.0.0)
      rdf (~> 2.0)
    rdf-turtle (2.2.0)
      ebnf (~> 1.1)
      rdf (~> 2.2)
    rdf-vocab (2.2.2)
      rdf (~> 2.2)
    rdf-xsd (2.1.0)
      rdf (~> 2.1)
    rsolr (2.0.0.rc1)
      builder (>= 2.1.2)
      faraday
    rspec (3.5.0)
      rspec-core (~> 3.5.0)
      rspec-expectations (~> 3.5.0)
      rspec-mocks (~> 3.5.0)
    rspec-core (3.5.4)
      rspec-support (~> 3.5.0)
    rspec-expectations (3.5.0)
      diff-lcs (>= 1.2.0, < 2.0)
      rspec-support (~> 3.5.0)
    rspec-mocks (3.5.0)
      diff-lcs (>= 1.2.0, < 2.0)
      rspec-support (~> 3.5.0)
    rspec-support (3.5.0)
    rubocop (0.47.1)
      parser (>= 2.3.3.1, < 3.0)
      powerpack (~> 0.1)
      rainbow (>= 1.99.1, < 3.0)
      ruby-progressbar (~> 1.7)
      unicode-display_width (~> 1.0, >= 1.0.1)
    rubocop-rspec (1.13.0)
      rubocop (>= 0.42.0)
    ruby-progressbar (1.8.1)
    simplecov (0.12.0)
      docile (~> 1.1.0)
      json (>= 1.8, < 3)
      simplecov-html (~> 0.10.0)
    simplecov-html (0.10.0)
    slop (3.6.0)
    sparql (2.2.0)
      builder (~> 3.2)
      ebnf (~> 1.1)
      rdf (~> 2.1)
      rdf-aggregate-repo (~> 2.0)
      rdf-xsd (~> 2.1)
      sparql-client (~> 2.0)
      sxp (~> 1.0)
    sparql-client (2.1.0)
      net-http-persistent (~> 2.9)
      rdf (~> 2.0)
    sshkit (1.12.0)
      net-scp (>= 1.1.2)
      net-ssh (>= 2.8.0)
    sxp (1.0.0)
      rdf (~> 2.0)
    term-ansicolor (1.4.0)
      tins (~> 1.0)
    thor (0.19.4)
    tilt (2.0.7)
    tins (1.13.2)
    unicode-display_width (1.1.3)

PLATFORMS
  ruby

DEPENDENCIES
  capistrano (~> 3.0)
  capistrano-bundler
  coveralls
  dlss-capistrano
  linkeddata
  pry-byebug
  rake
  rdf-vocab (>= 2.2.2)
  rsolr (>= 2.0.0.pre1, < 3)
  rspec
  rubocop
  rubocop-rspec

BUNDLED WITH
   1.13.6
